GEM
  remote: https://rubygems.org/
  specs:
    hashie (3.4.2)
    json (1.8.3)
    rack (1.6.4)
    rack-protection (1.5.3)
      rack
    rest-open-uri (1.0.0)
    sinatra (1.4.6)
      rack (~> 1.4)
      rack-protection (~> 1.4)
      tilt (>= 1.3, < 3)
    soda-ruby (0.2.13)
      hashie
    tilt (2.0.1)

PLATFORMS
  ruby

DEPENDENCIES
  json
  rest-open-uri
  sinatra
  soda-ruby

BUNDLED WITH
   1.10.6
