GEM
  remote: https://rubygems.org/
  specs:
    hashie (3.4.2)
    json (1.8.3)
    rack (1.5.2)
    rack-protection (1.5.1)
      rack
    rest-open-uri (1.0.0)
    sinatra (1.4.4)
      rack (~> 1.4)
      rack-protection (~> 1.4)
      tilt (~> 1.3, >= 1.3.4)
    soda-ruby (0.2.13)
      hashie
    tilt (1.4.1)

PLATFORMS
  ruby

DEPENDENCIES
  json
  rest-open-uri
  sinatra
  soda-ruby

BUNDLED WITH
   1.10.6
